GEM
  remote: https://rubygems.org/
  specs:
    activesupport (5.2.4.3)
      concurrent-ruby (~> 1.0, >= 1.0.2)
      i18n (>= 0.7, < 2)
      minitest (~> 5.1)
      tzinfo (~> 1.1)
    chunky_png (1.3.0)
    concurrent-ruby (1.1.6)
    cssesc (0.1.1)
      activesupport
      cssesc-source (= 0.1.0)
      execjs
    cssesc-source (0.1.0)
    dimensions (1.3.0)
    execjs (2.7.0)
    i18n (1.8.2)
      concurrent-ruby (~> 1.0)
    mime-types (2.1)
    minitest (5.14.1)
    sass (3.3.2)
    sass-globbing (1.1.0)
      sass (>= 3.1)
    thread_safe (0.3.6)
    tzinfo (1.2.7)
      thread_safe (~> 0.1)

PLATFORMS
  ruby

DEPENDENCIES
  chunky_png
  cssesc (>= 0.1.0)
  dimensions
  mime-types
  sass
  sass-globbing

BUNDLED WITH
   1.17.3
